GEM
  remote: http://rubygems.org/
  specs:
    ParseTree (3.0.8)
      RubyInline (>= 3.7.0)
      sexp_processor (>= 3.0.0)
    RubyInline (3.11.2)
      ZenTest (~> 4.3)
    ZenTest (4.6.2)
    activesupport (3.2.2)
      i18n (~> 0.6)
      multi_json (~> 1.0)
    addressable (2.2.7)
    builder (3.0.0)
    coderay (1.0.5)
    configatron (2.9.0)
      yamler (>= 0.1.0)
    crack (0.3.1)
    cucumber (1.1.9)
      builder (>= 2.1.2)
      diff-lcs (>= 1.1.2)
      gherkin (~> 2.9.0)
      json (>= 1.4.6)
      term-ansicolor (>= 1.0.6)
    data_objects (0.10.8)
      addressable (~> 2.1)
    diff-lcs (1.1.3)
    dm-core (1.2.0)
      addressable (~> 2.2.6)
    dm-do-adapter (1.2.0)
      data_objects (~> 0.10.6)
      dm-core (~> 1.2.0)
    dm-enum (0.0.3)
      dm-core
    dm-migrations (1.2.0)
      dm-core (~> 1.2.0)
    dm-rspec (0.2.1)
      dm-core
      dm-validations
    dm-sqlite-adapter (1.2.0)
      dm-do-adapter (~> 1.2.0)
      do_sqlite3 (~> 0.10.6)
    dm-sweatshop (1.2.0)
      ParseTree (~> 3.0.7)
      dm-core (~> 1.2.0)
      randexp (~> 0.1.5)
    dm-validations (1.2.0)
      dm-core (~> 1.2.0)
    do_sqlite3 (0.10.8)
      data_objects (= 0.10.8)
    ffi (1.0.11)
    gherkin (2.9.0)
      json (>= 1.4.6)
    git (1.2.5)
    guard (1.0.0)
      ffi (>= 0.5.0)
      thor (~> 0.14.6)
    guard-rspec (0.6.0)
      guard (>= 0.10.0)
    i18n (0.6.0)
    jeweler (1.6.4)
      bundler (~> 1.0)
      git (>= 1.2.5)
      rake
    json (1.6.1)
    libnotify (0.7.2)
    method_source (0.7.1)
    multi_json (1.1.0)
    pry (0.9.8.3)
      coderay (~> 1.0.5)
      method_source (~> 0.7.1)
      slop (>= 2.4.4, < 3)
    rake (0.9.2.2)
    randexp (0.1.7)
    rb-readline (0.4.2)
    rspec (2.8.0)
      rspec-core (~> 2.8.0)
      rspec-expectations (~> 2.8.0)
      rspec-mocks (~> 2.8.0)
    rspec-core (2.8.0)
    rspec-expectations (2.8.0)
      diff-lcs (~> 1.1.2)
    rspec-mocks (2.8.0)
    sexp_processor (3.0.7)
    simplecov (0.6.1)
      multi_json (~> 1.0)
      simplecov-html (~> 0.5.3)
    simplecov-html (0.5.3)
    simplecov-vim (0.0.1)
    slop (2.4.4)
    term-ansicolor (1.0.7)
    thor (0.14.6)
    webmock (1.8.0)
      addressable (>= 2.2.7)
      crack (>= 0.1.7)
    yamler (0.1.0)
    yard (0.6.8)

PLATFORMS
  ruby

DEPENDENCIES
  activesupport
  bundler (~> 1.0.0)
  configatron
  cucumber
  dm-core
  dm-enum
  dm-migrations
  dm-rspec
  dm-sqlite-adapter
  dm-sweatshop
  dm-validations
  guard
  guard-rspec
  jeweler (~> 1.6.4)
  libnotify
  pry
  rb-readline
  rspec
  simplecov
  simplecov-vim
  webmock
  yard (~> 0.6.0)
