GEM
  remote: http://rubygems.org/
  specs:
    ParseTree (3.0.8)
      RubyInline (>= 3.7.0)
      sexp_processor (>= 3.0.0)
    RubyInline (3.11.1)
      ZenTest (~> 4.3)
    Saikuro (1.1.0)
    ZenTest (4.6.2)
    activesupport (3.2.1)
      i18n (~> 0.6)
      multi_json (~> 1.0)
    addressable (2.2.6)
    arrayfields (4.7.4)
    builder (3.0.0)
    chronic (0.3.0)
    churn (0.0.15)
      arrayfields (= 4.7.4)
      chronic (>= 0.2.3)
      chronic (>= 0.2.3)
      fattr (= 2.2.0)
      hirb (= 0.5.0)
      hirb
      jeweler (= 1.6.4)
      json (= 1.6.1)
      json_pure
      main
      main (>= 4.6.0)
      map (= 4.3.0)
      ruby_parser (= 2.3.1)
      ruby_parser (~> 2.3)
      sexp_processor (= 3.0.7)
      sexp_processor (~> 3.0.3)
    colored (1.2)
    columnize (0.3.6)
    configatron (2.9.0)
      yamler (>= 0.1.0)
    cucumber (1.1.4)
      builder (>= 2.1.2)
      diff-lcs (>= 1.1.2)
      gherkin (~> 2.7.1)
      json (>= 1.4.6)
      term-ansicolor (>= 1.0.6)
    data_objects (0.10.7)
      addressable (~> 2.1)
    diff-lcs (1.1.3)
    dm-core (1.2.0)
      addressable (~> 2.2.6)
    dm-do-adapter (1.2.0)
      data_objects (~> 0.10.6)
      dm-core (~> 1.2.0)
    dm-migrations (1.2.0)
      dm-core (~> 1.2.0)
    dm-rspec (0.1.2)
      dm-core
      dm-validations
    dm-sqlite-adapter (1.2.0)
      dm-do-adapter (~> 1.2.0)
      do_sqlite3 (~> 0.10.6)
    dm-sweatshop (1.2.0)
      ParseTree (~> 3.0.7)
      dm-core (~> 1.2.0)
      randexp (~> 0.1.5)
    dm-validations (1.2.0)
      dm-core (~> 1.2.0)
    do_jdbc (0.10.7-java)
      data_objects (= 0.10.7)
    do_sqlite3 (0.10.7)
      data_objects (= 0.10.7)
    do_sqlite3 (0.10.7-java)
      data_objects (= 0.10.7)
      do_jdbc (= 0.10.7)
      jdbc-sqlite3 (>= 3.5.8)
    erubis (2.7.0)
    fattr (2.2.0)
    ffi (1.0.11)
    ffi (1.0.11-java)
    flay (1.4.3)
      ruby_parser (~> 2.0)
      sexp_processor (~> 3.0)
    flog (2.5.3)
      ruby_parser (~> 2.0)
      sexp_processor (~> 3.0)
    gherkin (2.7.6)
      json (>= 1.4.6)
    gherkin (2.7.6-java)
      json (>= 1.4.6)
    git (1.2.5)
    guard (1.0.0)
      ffi (>= 0.5.0)
      thor (~> 0.14.6)
    guard-rspec (0.6.0)
      guard (>= 0.10.0)
    hirb (0.5.0)
    i18n (0.6.0)
    jdbc-sqlite3 (3.7.2)
    jeweler (1.6.4)
      bundler (~> 1.0)
      git (>= 1.2.5)
      rake
    json (1.6.1)
    json (1.6.1-java)
    json_pure (1.6.5)
    libnotify (0.7.2)
      ffi (~> 1.0.0)
    linecache (0.46)
      rbx-require-relative (> 0.0.4)
    main (4.6.0)
      arrayfields (>= 4.7.4)
      fattr (>= 2.1.0)
      map (>= 2.0.0)
    map (4.3.0)
    metric_fu (2.1.1)
      Saikuro (>= 1.1.0)
      activesupport (>= 2.0.0)
      chronic (~> 0.3.0)
      churn (>= 0.0.7)
      flay (>= 1.2.1)
      flog (>= 2.3.0)
      rails_best_practices (>= 0.6.4)
      rcov (>= 0.8.3.3)
      reek (>= 1.2.6)
      roodi (>= 2.1.0)
      syntax
    metrical (0.0.7)
      main (~> 4.6.0)
      metric_fu (~> 2.1.1)
      rake
    multi_json (1.0.4)
    progressbar (0.9.2)
    rails_best_practices (1.7.2)
      activesupport
      colored
      erubis
      i18n
      progressbar
      sexp_processor
    rake (0.9.2.2)
    randexp (0.1.6)
    rb-readline (0.4.2)
    rbx-require-relative (0.0.5)
    rcov (1.0.0)
    reek (1.2.8)
      ruby2ruby (~> 1.2)
      ruby_parser (~> 2.0)
      sexp_processor (~> 3.0)
    roodi (2.1.0)
      ruby_parser
    rspec (2.3.0)
      rspec-core (~> 2.3.0)
      rspec-expectations (~> 2.3.0)
      rspec-mocks (~> 2.3.0)
    rspec-core (2.3.1)
    rspec-expectations (2.3.0)
      diff-lcs (~> 1.1.2)
    rspec-mocks (2.3.0)
    ruby-debug (0.10.4)
      columnize (>= 0.1)
      ruby-debug-base (~> 0.10.4.0)
    ruby-debug-base (0.10.4)
      linecache (>= 0.3)
    ruby-debug-base (0.10.4-java)
    ruby2ruby (1.3.1)
      ruby_parser (~> 2.0)
      sexp_processor (~> 3.0)
    ruby_parser (2.3.1)
      sexp_processor (~> 3.0)
    sexp_processor (3.0.7)
    syntax (1.0.0)
    term-ansicolor (1.0.7)
    thor (0.14.6)
    yamler (0.1.0)
    yard (0.6.8)

PLATFORMS
  java
  ruby

DEPENDENCIES
  activesupport
  bundler (~> 1.0.0)
  configatron
  cucumber
  dm-core
  dm-migrations
  dm-rspec
  dm-sqlite-adapter
  dm-sweatshop
  dm-validations
  guard
  guard-rspec
  jeweler (~> 1.6.4)
  libnotify
  metrical
  rb-readline
  rcov
  rspec (~> 2.3.0)
  ruby-debug
  yard (~> 0.6.0)
