GEM
  remote: http://rubygems.org/
  specs:
    ParseTree (3.0.7)
      RubyInline (>= 3.7.0)
      sexp_processor (>= 3.0.0)
    RubyInline (3.9.0)
      ZenTest (~> 4.3)
    ZenTest (4.6.0)
    addressable (2.2.6)
    builder (3.0.0)
    columnize (0.3.5)
    configatron (2.8.4)
      yamler (>= 0.1.0)
    cucumber (1.0.2)
      builder (>= 2.1.2)
      diff-lcs (>= 1.1.2)
      gherkin (~> 2.4.5)
      json (>= 1.4.6)
      term-ansicolor (>= 1.0.5)
    data_objects (0.10.6)
      addressable (~> 2.1)
    diff-lcs (1.1.3)
    dm-core (1.0.2)
      addressable (~> 2.2)
      extlib (~> 0.9.15)
    dm-do-adapter (1.0.2)
      data_objects (~> 0.10.2)
      dm-core (~> 1.0.2)
    dm-migrations (1.0.2)
      dm-core (~> 1.0.2)
    dm-rspec (0.1.1)
      dm-core
      dm-validations
    dm-sqlite-adapter (1.0.2)
      dm-do-adapter (~> 1.0.2)
      do_sqlite3 (~> 0.10.2)
    dm-sweatshop (1.0.2)
      dm-core (~> 1.0.2)
      randexp (~> 0.1.5)
    dm-validations (1.0.2)
      dm-core (~> 1.0.2)
    do_jdbc (0.10.6-java)
      data_objects (= 0.10.6)
    do_sqlite3 (0.10.6)
      data_objects (= 0.10.6)
    do_sqlite3 (0.10.6-java)
      data_objects (= 0.10.6)
      do_jdbc (= 0.10.6)
      jdbc-sqlite3 (>= 3.5.8)
    extlib (0.9.15)
    ffi (1.0.11)
    ffi (1.0.11-java)
    gherkin (2.4.16)
      json (>= 1.4.6)
    gherkin (2.4.16-java)
      json (>= 1.4.6)
    git (1.2.5)
    guard (1.0.0)
      ffi (>= 0.5.0)
      thor (~> 0.14.6)
    guard-rspec (0.6.0)
      guard (>= 0.10.0)
    jdbc-sqlite3 (3.7.2)
    jeweler (1.6.4)
      bundler (~> 1.0)
      git (>= 1.2.5)
      rake
    json (1.5.3)
    json (1.5.3-java)
    libnotify (0.7.2)
      ffi (~> 1.0.0)
    linecache (0.46)
      rbx-require-relative (> 0.0.4)
    rake (0.9.2)
    randexp (0.1.5)
      ParseTree
    rb-readline (0.4.2)
    rbx-require-relative (0.0.5)
    rcov (0.9.10)
    rcov (0.9.10-java)
    rspec (2.3.0)
      rspec-core (~> 2.3.0)
      rspec-expectations (~> 2.3.0)
      rspec-mocks (~> 2.3.0)
    rspec-core (2.3.1)
    rspec-expectations (2.3.0)
      diff-lcs (~> 1.1.2)
    rspec-mocks (2.3.0)
    ruby-debug (0.10.4)
      columnize (>= 0.1)
      ruby-debug-base (~> 0.10.4.0)
    ruby-debug-base (0.10.4)
      linecache (>= 0.3)
    ruby-debug-base (0.10.4-java)
    sexp_processor (3.0.5)
    term-ansicolor (1.0.6)
    thor (0.14.6)
    yamler (0.1.0)
    yard (0.6.8)

PLATFORMS
  java
  ruby

DEPENDENCIES
  bundler (~> 1.0.0)
  configatron
  cucumber
  dm-core
  dm-migrations
  dm-rspec
  dm-sqlite-adapter
  dm-sweatshop
  dm-validations
  guard
  guard-rspec
  jeweler (~> 1.6.4)
  libnotify
  rb-readline
  rcov
  rspec (~> 2.3.0)
  ruby-debug
  yard (~> 0.6.0)
